GEM
  remote: http://rubygems.org/
  specs:
    addressable (2.3.5)
    builder (3.2.2)
    commander (4.1.6)
      highline (~> 1.6.11)
    coveralls (0.7.0)
      multi_json (~> 1.3)
      rest-client
      simplecov (>= 0.7)
      term-ansicolor
      thor
    descendants_tracker (0.0.3)
    diff-lcs (1.2.5)
    docile (1.1.3)
    fakefs (0.5.0)
    faraday (0.9.0)
      multipart-post (>= 1.2, < 3)
    git (1.2.6)
    github_api (0.11.2)
      addressable (~> 2.3)
      descendants_tracker (~> 0.0.1)
      faraday (~> 0.8, < 0.10)
      hashie (>= 1.2)
      multi_json (>= 1.7.5, < 2.0)
      nokogiri (~> 1.6.0)
      oauth2
    hashie (2.0.5)
    highline (1.6.20)
    httparty (0.12.0)
      json (~> 1.8)
      multi_xml (>= 0.5.2)
    jeweler (2.0.1)
      builder
      bundler (>= 1.0)
      git (>= 1.2.5)
      github_api
      highline (>= 1.6.15)
      nokogiri (>= 1.5.10)
      rake
      rdoc
    json (1.8.1)
    jwt (0.1.11)
      multi_json (>= 1.5)
    mime-types (2.1)
    mini_portile (0.5.2)
    multi_json (1.8.4)
    multi_xml (0.5.5)
    multipart-post (2.0.0)
    nokogiri (1.6.1)
      mini_portile (~> 0.5.0)
    oauth2 (0.9.3)
      faraday (>= 0.8, < 0.10)
      jwt (~> 0.1.8)
      multi_json (~> 1.3)
      multi_xml (~> 0.5)
      rack (~> 1.2)
    oj (2.5.4)
    paint (0.8.7)
    rack (1.5.2)
    rake (10.1.1)
    rake-version (0.4.1)
      rake (~> 10)
    rdoc (4.1.1)
      json (~> 1.4)
    rest-client (1.6.7)
      mime-types (>= 1.16)
    rspec (2.14.1)
      rspec-core (~> 2.14.0)
      rspec-expectations (~> 2.14.0)
      rspec-mocks (~> 2.14.0)
    rspec-core (2.14.7)
    rspec-expectations (2.14.5)
      diff-lcs (>= 1.1.3, < 2.0)
    rspec-mocks (2.14.5)
    simplecov (0.8.2)
      docile (~> 1.1.0)
      multi_json
      simplecov-html (~> 0.8.0)
    simplecov-html (0.8.0)
    term-ansicolor (1.3.0)
      tins (~> 1.0)
    thor (0.18.1)
    tins (1.0.0)
    which_works (1.0.2)

PLATFORMS
  ruby

DEPENDENCIES
  bundler
  commander (~> 4.1.2)
  coveralls
  fakefs
  httparty (~> 0.12.0)
  jeweler
  multi_json (~> 1.8.4)
  oj (~> 2.5.4)
  paint (~> 0.8.5)
  rake
  rake-version
  rspec
  simplecov
  which_works (~> 1.0.0)
